PATH
  remote: .
  specs:
    nikeplus (0.0.1)
      nokogiri
      yajl-ruby

GEM
  remote: https://rubygems.org/
  specs:
    nokogiri (1.5.9)
    yajl-ruby (1.1.0)

PLATFORMS
  ruby

DEPENDENCIES
  nikeplus!
