GEM
  remote: https://rubygems.org/
  specs:
    nokogiri (1.5.9)
    yajl-ruby (1.1.0)

PLATFORMS
  ruby

DEPENDENCIES
  nokogiri
  yajl-ruby
